GEM
  remote: https://rubygems.org/
  specs:
    ruby2d (0.9.2)

PLATFORMS
  x64-mingw32

DEPENDENCIES
  ruby2d

BUNDLED WITH
   1.17.2
